GEM
  remote: http://rubygems.org/
  specs:
    addressable (2.5.2)
      public_suffix (>= 2.0.2, < 4.0)
    foreman (0.85.0)
      thor (~> 0.19.1)
    json (2.1.0)
    launchy (2.4.3)
      addressable (~> 2.3)
    mustermann (1.0.3)
    public_suffix (3.0.3)
    puma (3.12.0)
    rack (2.0.6)
    rack-protection (2.0.4)
      rack
    rubyzip (1.2.2)
    sinatra (2.0.4)
      mustermann (~> 1.0)
      rack (~> 2.0)
      rack-protection (= 2.0.4)
      tilt (~> 2.0)
    thor (0.19.4)
    tilt (2.0.9)

PLATFORMS
  x64-mingw32
  x86-mingw32

DEPENDENCIES
  foreman
  json
  launchy
  puma
  rubyzip
  sinatra

RUBY VERSION
   ruby 2.5.3p105

BUNDLED WITH
   1.17.1
